GEM
  specs:
    addressable (2.3.2)
    ansi (1.4.3)
    chunky_png (1.2.7)
    crack (0.3.2)
    metaclass (0.0.1)
    minitest (4.7.0)
    mocha (0.13.3)
      metaclass (~> 0.0.1)
    multi_json (1.7.2)
    oily_png (1.1.0)
      chunky_png (~> 1.2.7)
    rake (10.0.4)
    simplecov (0.7.1)
      multi_json (~> 1.0)
      simplecov-html (~> 0.7.1)
    simplecov-html (0.7.1)
    turn (0.9.6)
      ansi
    webmock (1.11.0)
      addressable (>= 2.2.7)
      crack (>= 0.3.2)

PLATFORMS
  ruby

DEPENDENCIES
  chunky_png
  minitest
  mocha
  oily_png
  rake
  simplecov
  turn
  webmock
